GEM
  remote: https://rubygems.org/
  specs:
    hpricot (0.8.6)
    mustache (1.1.1)
    rdiscount (2.2.0.2)
    ronn (0.7.3)
      hpricot (>= 0.8.2)
      mustache (>= 0.7.0)
      rdiscount (>= 1.5.8)

PLATFORMS
  aarch64-linux
  x86_64-linux

DEPENDENCIES
  ronn (~> 0.7.3)

BUNDLED WITH
   2.2.15
